GEM
  remote: http://rubygems.org/
  specs:
    activemodel (3.0.9)
      activesupport (= 3.0.9)
      builder (~> 2.1.2)
      i18n (~> 0.5.0)
    activesupport (3.0.9)
    bson (1.3.1)
    bson_ext (1.3.1)
    builder (2.1.2)
    carrierwave (0.5.4)
      activesupport (~> 3.0)
    excon (0.6.3)
    fog (0.8.2)
      builder
      excon (~> 0.6.1)
      formatador (>= 0.1.3)
      json
      mime-types
      net-ssh (>= 2.1.3)
      nokogiri (>= 1.4.4)
      ruby-hmac
    formatador (0.1.4)
    hashie (1.0.0)
    i18n (0.5.0)
    json (1.5.2)
    mime-types (1.16)
    mini_magick (3.3)
      subexec (~> 0.1.0)
    mongo (1.3.1)
      bson (>= 1.3.1)
    mongoid (2.0.2)
      activemodel (~> 3.0)
      mongo (~> 1.3)
      tzinfo (~> 0.3.22)
    mongoid_geo (0.6.0)
      activesupport (> 3)
      activesupport (> 3)
      bson (>= 1.3)
      bson (>= 1.3)
      hashie (>= 0.4.0)
      hashie (>= 0.4.0)
      mongoid (> 2)
      mongoid (> 2)
    net-ssh (2.1.4)
    nokogiri (1.4.5)
    rack (1.3.0)
    ruby-hmac (0.4.0)
    sinatra (1.2.6)
      rack (~> 1.1)
      tilt (< 2.0, >= 1.2.2)
    subexec (0.1.0)
    tilt (1.3.2)
    tzinfo (0.3.28)

PLATFORMS
  ruby

DEPENDENCIES
  bson_ext (~> 1.3.1)
  carrierwave
  fog
  mini_magick
  mongoid (~> 2.0.2)
  mongoid_geo (~> 0.6.0)
  sinatra (~> 1.2.6)
